GEM
  remote: https://rubygems.org/
  specs:
    abstract_type (0.0.7)
    biz (1.3.3)
      abstract_type (~> 0.0.0)
      clavius (~> 1.0)
      equalizer (~> 0.0.0)
      memoizable (~> 0.4.0)
      tzinfo
    clavius (1.0.1)
      memoizable (~> 0.4.0)
    equalizer (0.0.11)
    holidays (3.1.1)
    memoizable (0.4.2)
      thread_safe (~> 0.3, >= 0.3.1)
    thread_safe (0.3.5)
    tzinfo (1.2.2)
      thread_safe (~> 0.1)

PLATFORMS
  ruby

DEPENDENCIES
  biz
  holidays
